GEM
  remote: https://rubygems.org/
  specs:
    faraday (0.11.0)
      multipart-post (>= 1.2, < 3)
    jwt (1.5.6)
    multi_json (1.12.1)
    multi_xml (0.6.0)
    multipart-post (2.0.0)
    oauth2 (1.3.1)
      faraday (>= 0.8, < 0.12)
      jwt (~> 1.0)
      multi_json (~> 1.3)
      multi_xml (~> 0.5)
      rack (>= 1.2, < 3)
    rack (2.0.2)

PLATFORMS
  ruby

DEPENDENCIES
  oauth2 (~> 1.2)

BUNDLED WITH
   1.14.6
